Brain Vision Data Exchange Header File Version 2.0
; Data created from history path: EEG/Raw Data

[Common Infos]
Codepage=UTF-8
DataFile=EEG.dat
MarkerFile=EEG.vmrk
DataFormat=BINARY
; Data orientation: VECTORIZED=ch1,pt1, ch1,pt2..., MULTIPLEXED=ch1,pt1, ch2,pt1 ...
DataOrientation=MULTIPLEXED
DataType=TIMEDOMAIN
NumberOfChannels=21
DataPoints=10240
; Sampling interval in microseconds if time domain (convert to Hertz:
; 1000000 / SamplingInterval) or in Hertz if frequency domain:
SamplingInterval=10000

[User Infos]
; Each entry: Prop<Number>=<Type>,<Name>,<Value>,<Value2>,...,<ValueN>
; Property number must be unique. Types can be int, single, string, bool, byte, double, uint
; or arrays of those, indicated int-array etc
; Array types have more than one value, number of values determines size of array.
; Fields are delimited by commas, commas in strings are written \1

[Binary Infos]
BinaryFormat=IEEE_FLOAT_32

[Channel Infos]
; Each entry: Ch<Channel number>=<Name>,<Reference channel name>,
; <Resolution in "Unit">,<Unit>, Future extensions...
; Fields are delimited by commas, some fields might be omitted (empty).
; Commas in channel names are coded as "\1".
Ch1=EOGh,,,µV
Ch2=EOGv,,,µV
Ch3=FP1,,,µV
Ch4=FP2,,,µV
Ch5=F7,,,µV
Ch6=F3,,,µV
Ch7=FZ,,,µV
Ch8=F4,,,µV
Ch9=F8,,,µV
Ch10=T7,,,µV
Ch11=C3,,,µV
Ch12=CZ,,,µV
Ch13=C4,,,µV
Ch14=T8,,,µV
Ch15=P7,,,µV
Ch16=P3,,,µV
Ch17=PZ,,,µV
Ch18=P4,,,µV
Ch19=P8,,,µV
Ch20=O1,,,µV
Ch21=O2,,,µV

[Channel User Infos]
; Each entry: Prop<Number>=Ch<ChannelNumber>,<Type>,<Name>,<Value>,<Value2>,...,<ValueN>
; Property number must be unique. Types can be int, single, string, bool, byte, double, uint
; or arrays of those, indicated int-array etc
; Array types have more than one value, number of values determines size of array.
; Fields are delimited by commas, commas in strings are written \1
; Properties are assigned to channels using their channel number.

[Coordinates]
; Each entry: Ch<Channel number>=<Radius>,<Theta>,<Phi>
Ch1=0,0,0
Ch2=0,0,0
Ch3=1,-90,-72
Ch4=1,90,72
Ch5=1,-90,-36
Ch6=1,-60,-51
Ch7=1,45,90
Ch8=1,60,51
Ch9=1,90,36
Ch10=1,-90,0
Ch11=1,-45,0
Ch12=1,0,0
Ch13=1,45,0
Ch14=1,90,0
Ch15=1,-90,36
Ch16=1,-60,51
Ch17=1,45,-90
Ch18=1,60,-51
Ch19=1,90,-36
Ch20=1,-90,72
Ch21=1,90,-72
