Brain Vision Data Exchange Header File Version 1.0
; Data created from the EEGLAB software

[Common Infos]
DataFile=MyExample.dat
MarkerFile=MyExample.vmrk
DataFormat=BINARY
; Data orientation: VECTORIZED=ch1,pt1, ch1,pt2..., MULTIPLEXED=ch1,pt1, ch2,pt1 ...
DataOrientation=VECTORIZED
DataType=TIMEDOMAIN
NumberOfChannels=32
DataPoints=30504
; Sampling interval in microseconds if time domain (convert to Hertz:
; 1000000 / SamplingInterval) or in Hertz if frequency domain:
SamplingInterval=7.812500e+03

[Binary Infos]
BinaryFormat=IEEE_FLOAT_32

[Channel Infos]
; Each entry: Ch<Channel number>=<Name>,<Reference channel name>,
; <Resolution in microvolts>,<Future extensions..
; Fields are delimited by commas, some fields might be omited (empty).
; Commas in channel names are coded as "".
Ch1=EOGh,, 
Ch2=EOGv,, 
Ch3=FP1,, 
Ch4=FP2,, 
Ch5=F7,, 
Ch6=F3,, 
Ch7=FZ,, 
Ch8=F4,, 
Ch9=F8,, 
Ch10=T7,, 
Ch11=C3,, 
Ch12=CZ,, 
Ch13=C4,, 
Ch14=T8,, 
Ch15=P7,, 
Ch16=P3,, 
Ch17=PZ,, 
Ch18=P4,, 
Ch19=P8,, 
Ch20=O1,, 
Ch21=O2,, 
Ch22=C4b,, 
Ch23=T8b,, 
Ch24=P7b,, 
Ch25=P3b,, 
Ch26=PZb,, 
Ch27=P4b,, 
Ch28=P8b,, 
Ch29=O1b,, 
Ch30=O2b,, 
Ch31=O1c,, 
Ch32=O2c,, 

